GEM
  remote: https://rubygems.org/
  specs:
    asciidoctor (1.5.5)
    asciidoctor-revealjs (1.0.2)
      asciidoctor (~> 1.5.4)
      slim (~> 3.0.6)
      thread_safe (~> 0.3.5)
    coderay (1.1.1)
    json (2.0.3)
    multi_json (1.12.1)
    pygments.rb (1.1.2)
      multi_json (>= 1.0.0)
    slim (3.0.7)
      temple (~> 0.7.6)
      tilt (>= 1.3.3, < 2.1)
    temple (0.7.7)
    thread_safe (0.3.6)
    tilt (2.0.7)

PLATFORMS
  ruby

DEPENDENCIES
  asciidoctor-revealjs
  coderay
  json
  pygments.rb

BUNDLED WITH
   1.12.5
